GEM
  remote: http://rubygems.org/
  remote: https://rubygems.org/
  specs:
    actionmailer (2.3.17)
      actionpack (= 2.3.17)
    actionpack (2.3.17)
      activesupport (= 2.3.17)
      rack (~> 1.1.0)
    activerecord (2.3.17)
      activesupport (= 2.3.17)
    activeresource (2.3.17)
      activesupport (= 2.3.17)
    activesupport (2.3.17)
    andand (1.3.1)
    authlogic (2.1.3)
      activesupport
    calendar_date_select (1.15)
    daemons (1.2.4)
    eventmachine (1.2.2)
    formtastic (0.9.1)
    haml (2.2.6)
    hoe (1.12.1)
      rake (>= 0.8.4)
      rubyforge (>= 1.0.3)
    json (1.8.6)
    json_pure (2.0.1)
    mislav-will_paginate (2.3.10)
    pg (0.8.0)
    rack (1.1.0)
    rails (2.3.17)
      actionmailer (= 2.3.17)
      actionpack (= 2.3.17)
      activerecord (= 2.3.17)
      activeresource (= 2.3.17)
      activesupport (= 2.3.17)
      rake (>= 0.8.3)
    rake (0.8.7)
    rdoc (4.2.2)
      json (~> 1.4)
    rubyforge (2.0.4)
      json_pure (>= 1.1.7)
    ryanb-acts-as-list (0.1.2)
    thin (1.2.1)
      daemons (>= 1.0.9)
      eventmachine (>= 0.12.6)
      rack (>= 1.0.0)

PLATFORMS
  ruby

DEPENDENCIES
  andand (= 1.3.1)
  authlogic (= 2.1.3)
  calendar_date_select (= 1.15)
  formtastic (= 0.9.1)
  haml (= 2.2.6)
  hoe (= 1.12.1)
  mislav-will_paginate (= 2.3.10)
  pg (= 0.8.0)
  rack (= 1.1.0)
  rails (= 2.3.17)
  rake (= 0.8.7)
  rdoc
  ryanb-acts-as-list (= 0.1.2)
  thin (= 1.2.1)

RUBY VERSION
   ruby 1.8.7p376

BUNDLED WITH
   1.14.4
